PATH
  remote: .
  specs:
    notabene (0.0.1)
      redcarpet (~> 2.0.1)

GEM
  remote: http://rubygems.org/
  specs:
    redcarpet (2.0.1)

PLATFORMS
  ruby

DEPENDENCIES
  notabene!
